GIT
  remote: https://github.com/freeformz/rack-timeout.git
  revision: 319256e659f23c75f76a815c5852058ada47b8a9
  specs:
    rack-timeout (0.1.0beta2)

GEM
  remote: https://rubygems.org/
  specs:
    addressable (2.3.5)
    aggregate (0.2.2)
    crack (0.4.1)
      safe_yaml (~> 0.9.0)
    diff-lcs (1.1.3)
    excon (0.31.0)
    faraday (0.8.5)
      multipart-post (~> 1.1)
    instruments (0.0.9)
    librato-metrics (1.0.3)
      aggregate (~> 0.2.2)
      faraday (~> 0.7)
      multi_json
    multi_json (1.6.1)
    multipart-post (1.1.5)
    puma (2.7.1)
      rack (>= 1.1, < 2.0)
    rack (1.5.2)
    rack-protection (1.5.1)
      rack
    rack-ssl (1.3.3)
      rack
    rack-test (0.6.2)
      rack (>= 1.0)
    rake (10.0.3)
    rspec (2.12.0)
      rspec-core (~> 2.12.0)
      rspec-expectations (~> 2.12.0)
      rspec-mocks (~> 2.12.0)
    rspec-core (2.12.2)
    rspec-expectations (2.12.1)
      diff-lcs (~> 1.1.3)
    rspec-mocks (2.12.2)
    safe_yaml (0.9.7)
    scrolls (0.2.4)
    sinatra (1.4.4)
      rack (~> 1.4)
      rack-protection (~> 1.4)
      tilt (~> 1.3, >= 1.3.4)
    tilt (1.4.1)
    webmock (1.16.1)
      addressable (>= 2.2.7)
      crack (>= 0.3.2)
    yajl-ruby (1.1.0)

PLATFORMS
  ruby

DEPENDENCIES
  excon
  instruments
  librato-metrics
  puma
  rack-ssl
  rack-test
  rack-timeout!
  rake
  rspec
  scrolls
  sinatra
  webmock
  yajl-ruby
