GEM
  remote: https://rubygems.org/
  specs:
    atomic (1.0.1)
    daemons (1.0.10)
    diff-lcs (1.1.3)
    gem_plugin (0.2.3)
    instruments (0.0.9)
    json (1.5.3)
    mime-types (1.18)
    mongrel (1.2.0.pre2)
      daemons (~> 1.0.10)
      gem_plugin (~> 0.2.3)
    rack (1.3.0)
    rack-ssl-enforcer (0.2.4)
    rest-client (1.6.7)
      mime-types (>= 1.16)
    rspec (2.11.0)
      rspec-core (~> 2.11.0)
      rspec-expectations (~> 2.11.0)
      rspec-mocks (~> 2.11.0)
    rspec-core (2.11.1)
    rspec-expectations (2.11.3)
      diff-lcs (~> 1.1.3)
    rspec-mocks (2.11.3)
    scrolls (0.1.0)
      atomic (~> 1.0.0)
    sinatra (1.2.6)
      rack (~> 1.1)
      tilt (>= 1.2.2, < 2.0)
    tilt (1.3.2)
    uuidtools (2.1.1)

PLATFORMS
  ruby

DEPENDENCIES
  instruments (= 0.0.9)
  json (= 1.5.3)
  mongrel (= 1.2.0.pre2)
  rack-ssl-enforcer (= 0.2.4)
  rest-client (= 1.6.7)
  rspec
  scrolls (= 0.1.0)
  sinatra (= 1.2.6)
  uuidtools (= 2.1.1)
